GEM
  remote: http://rubygems.org/
  remote: https://9fDdbcpcBdeLb5DAhPdv@gem.fury.io/gizeta/
  specs:
    activemodel (4.2.3)
      activesupport (= 4.2.3)
      builder (~> 3.1)
    activesupport (4.2.3)
      i18n (~> 0.7)
      json (~> 1.7, >= 1.7.7)
      minitest (~> 5.1)
      thread_safe (~> 0.3, >= 0.3.4)
      tzinfo (~> 1.1)
    bson (3.2.0)
    builder (3.2.2)
    connection_pool (2.2.0)
    haml (4.0.6)
      tilt
    i18n (0.7.0)
    json (1.8.3)
    minitest (5.7.0)
    mongoid (4.0.2)
      activemodel (~> 4.0)
      moped (~> 2.0.0)
      origin (~> 2.1)
      tzinfo (>= 0.3.37)
    moped (2.0.6)
      bson (~> 3.0)
      connection_pool (~> 2.0)
      optionable (~> 0.2.0)
    optionable (0.2.0)
    origin (2.1.1)
    puma (2.12.2)
    rack (1.6.4)
    rack-protection (1.5.3)
      rack
    remi-rack-staticifier (0.1.6)
    remi-rackbox (1.1.6)
      remi-rails-rack-adapter
      remi-simplecli
    remi-rails-rack-adapter (1.0.1)
    remi-simplecli (0.1.6)
    remi-staticify (0.1.1)
      remi-rack-staticifier
      remi-rackbox
    sinatra (1.4.6)
      rack (~> 1.4)
      rack-protection (~> 1.4)
      tilt (>= 1.3, < 3)
    thread_safe (0.3.5)
    tilt (2.0.1)
    tzinfo (1.2.2)
      thread_safe (~> 0.1)

PLATFORMS
  ruby

DEPENDENCIES
  haml
  mongoid
  puma
  remi-rack-staticifier!
  remi-staticify
  sinatra
